GEM
  remote: http://rubygems.org/
  specs:
    little-plugger (1.1.3)
    logging (1.8.2)
      little-plugger (>= 1.1.3)
      multi_json (>= 1.8.4)
    multi_json (1.9.2)
    zk (1.9.4)
      logging (~> 1.8.2)
      zookeeper (~> 1.4.0)
    zookeeper (1.4.8)

PLATFORMS
  ruby

DEPENDENCIES
  zk
